PATH
  remote: ~/gssapi
  specs:
    gssapi (1.0.3)
      ffi (>= 1.0.1)

GEM
  remote: http://rubygems.org/
  specs:
    ffi (1.0.11)
    rack (1.4.1)
    rack-protection (1.2.0)
      rack
    shotgun (0.9)
      rack (>= 1.0)
    sinatra (1.3.2)
      rack (~> 1.3, >= 1.3.6)
      rack-protection (~> 1.2)
      tilt (~> 1.3, >= 1.3.3)
    tilt (1.3.3)

PLATFORMS
  ruby

DEPENDENCIES
  gssapi!
  shotgun
  sinatra
